GEM
  remote: https://rubygems.org/
  specs:
    ast (2.4.2)
    babosa (2.0.0)
    base64 (0.2.0)
    byebug (11.1.3)
    coderay (1.1.3)
    concurrent-ruby (1.2.2)
    dotenv (2.8.1)
    event_stream_parser (1.0.0)
    faraday (2.7.12)
      base64
      faraday-net_http (>= 2.0, < 3.1)
      ruby2_keywords (>= 0.0.4)
    faraday-multipart (1.0.4)
      multipart-post (~> 2)
    faraday-net_http (3.0.2)
    ffi (1.16.3)
    json (2.7.0)
    language_server-protocol (3.17.0.3)
    listen (3.8.0)
      rb-fsevent (~> 0.10, >= 0.10.3)
      rb-inotify (~> 0.9, >= 0.9.10)
    method_source (1.0.0)
    multipart-post (2.3.0)
    nano-bots (1.0.1)
      babosa (~> 2.0)
      concurrent-ruby (~> 1.2, >= 1.2.2)
      dotenv (~> 2.8, >= 2.8.1)
      faraday (~> 2.7, >= 2.7.12)
      pry (~> 0.14.2)
      rainbow (~> 3.1, >= 3.1.1)
      rbnacl (~> 7.1, >= 7.1.1)
      ruby-openai (~> 6.3)
      sweet-moon (~> 0.0.7)
    newrelic_rpm (9.6.0)
      base64
    nio4r (2.7.0)
    parallel (1.23.0)
    parser (3.2.2.4)
      ast (~> 2.4.1)
      racc
    pry (0.14.2)
      coderay (~> 1.1)
      method_source (~> 1.0)
    pry-byebug (3.10.1)
      byebug (~> 11.0)
      pry (>= 0.13, < 0.15)
    puma (6.4.0)
      nio4r (~> 2.0)
    racc (1.7.3)
    rack (3.0.8)
    rack-attack (6.7.0)
      rack (>= 1.0, < 4)
    rack-cors (2.0.1)
      rack (>= 2.0.0)
    rackup (2.1.0)
      rack (>= 3)
      webrick (~> 1.8)
    rainbow (3.1.1)
    rb-fsevent (0.11.2)
    rb-inotify (0.10.1)
      ffi (~> 1.0)
    rbnacl (7.1.1)
      ffi
    regexp_parser (2.8.2)
    rerun (0.14.0)
      listen (~> 3.0)
    rexml (3.2.6)
    roda (3.74.0)
      rack
    rubocop (1.58.0)
      json (~> 2.3)
      language_server-protocol (>= 3.17.0)
      parallel (~> 1.10)
      parser (>= 3.2.2.4)
      rainbow (>= 2.2.2, < 4.0)
      regexp_parser (>= 1.8, < 3.0)
      rexml (>= 3.2.5, < 4.0)
      rubocop-ast (>= 1.30.0, < 2.0)
      ruby-progressbar (~> 1.7)
      unicode-display_width (>= 2.4.0, < 3.0)
    rubocop-ast (1.30.0)
      parser (>= 3.2.1.0)
    ruby-openai (6.3.0)
      event_stream_parser (>= 0.3.0, < 2.0.0)
      faraday (>= 1)
      faraday-multipart (>= 1)
    ruby-progressbar (1.13.0)
    ruby2_keywords (0.0.5)
    sweet-moon (0.0.7)
      ffi (~> 1.15, >= 1.15.5)
    unicode-display_width (2.5.0)
    webrick (1.8.1)

PLATFORMS
  x86_64-linux

DEPENDENCIES
  concurrent-ruby (~> 1.2, >= 1.2.2)
  dotenv (~> 2.8, >= 2.8.1)
  nano-bots (~> 1.0.1)
  newrelic_rpm (~> 9.6)
  pry-byebug (~> 3.10, >= 3.10.1)
  puma (~> 6.4)
  rack (~> 3.0, >= 3.0.8)
  rack-attack (~> 6.7)
  rack-cors (~> 2.0, >= 2.0.1)
  rackup (~> 2.1)
  rerun (~> 0.14.0)
  roda (~> 3.74)
  rubocop (~> 1.58)

RUBY VERSION
   ruby 3.2.2p53

BUNDLED WITH
   2.4.22
