GEM
  remote: https://rubygems.org/
  specs:
    ast (2.4.2)
    babosa (2.0.0)
    byebug (11.1.3)
    coderay (1.1.3)
    concurrent-ruby (1.2.2)
    dotenv (2.8.1)
    faraday (2.7.4)
      faraday-net_http (>= 2.0, < 3.1)
      ruby2_keywords (>= 0.0.4)
    faraday-multipart (1.0.4)
      multipart-post (~> 2)
    faraday-net_http (3.0.2)
    ffi (1.15.5)
    json (2.6.3)
    listen (3.8.0)
      rb-fsevent (~> 0.10, >= 0.10.3)
      rb-inotify (~> 0.9, >= 0.9.10)
    method_source (1.0.0)
    multipart-post (2.3.0)
    nano-bots (0.0.6)
      babosa (~> 2.0)
      dotenv (~> 2.8, >= 2.8.1)
      faraday (~> 2.7, >= 2.7.4)
      pry (~> 0.14.2)
      rainbow (~> 3.1, >= 3.1.1)
      ruby-openai (~> 4.0)
      sweet-moon (~> 0.0.7)
    nio4r (2.5.9)
    parallel (1.23.0)
    parser (3.2.2.1)
      ast (~> 2.4.1)
    pry (0.14.2)
      coderay (~> 1.1)
      method_source (~> 1.0)
    pry-byebug (3.10.1)
      byebug (~> 11.0)
      pry (>= 0.13, < 0.15)
    puma (6.2.2)
      nio4r (~> 2.0)
    rack (3.0.7)
    rack-cors (2.0.1)
      rack (>= 2.0.0)
    rackup (2.1.0)
      rack (>= 3)
      webrick (~> 1.8)
    rainbow (3.1.1)
    rb-fsevent (0.11.2)
    rb-inotify (0.10.1)
      ffi (~> 1.0)
    regexp_parser (2.8.0)
    rerun (0.14.0)
      listen (~> 3.0)
    rexml (3.2.5)
    roda (3.68.0)
      rack
    rubocop (1.51.0)
      json (~> 2.3)
      parallel (~> 1.10)
      parser (>= 3.2.0.0)
      rainbow (>= 2.2.2, < 4.0)
      regexp_parser (>= 1.8, < 3.0)
      rexml (>= 3.2.5, < 4.0)
      rubocop-ast (>= 1.28.0, < 2.0)
      ruby-progressbar (~> 1.7)
      unicode-display_width (>= 2.4.0, < 3.0)
    rubocop-ast (1.28.1)
      parser (>= 3.2.1.0)
    ruby-openai (4.1.0)
      faraday (>= 1)
      faraday-multipart (>= 1)
    ruby-progressbar (1.13.0)
    ruby2_keywords (0.0.5)
    sweet-moon (0.0.7)
      ffi (~> 1.15, >= 1.15.5)
    unicode-display_width (2.4.2)
    webrick (1.8.1)

PLATFORMS
  x86_64-linux

DEPENDENCIES
  concurrent-ruby (~> 1.2, >= 1.2.2)
  dotenv (~> 2.8, >= 2.8.1)
  nano-bots (~> 0.0.6)
  pry-byebug (~> 3.10, >= 3.10.1)
  puma (~> 6.1, >= 6.1.1)
  rack (~> 3.0, >= 3.0.7)
  rack-cors (~> 2.0, >= 2.0.1)
  rackup (~> 2.1)
  rerun (~> 0.14.0)
  roda (~> 3.68)
  rubocop (~> 1.48, >= 1.48.1)

RUBY VERSION
   ruby 3.2.2p53

BUNDLED WITH
   2.4.13
